GEM
  remote: https://rubygems.org/
  specs:
    activemodel (6.1.3.1)
      activesupport (= 6.1.3.1)
    activerecord (6.1.3.1)
      activemodel (= 6.1.3.1)
      activesupport (= 6.1.3.1)
    activesupport (6.1.3.1)
      concurrent-ruby (~> 1.0, >= 1.0.2)
      i18n (>= 1.6, < 2)
      minitest (>= 5.1)
      tzinfo (~> 2.0)
      zeitwerk (~> 2.3)
    concurrent-ruby (1.1.8)
    daemons (1.3.1)
    eventmachine (1.2.7)
    ffi (1.15.0)
    httparty (0.18.1)
      mime-types (~> 3.0)
      multi_xml (>= 0.5.2)
    i18n (1.8.10)
      concurrent-ruby (~> 1.0)
    mime-types (3.3.1)
      mime-types-data (~> 3.2015)
    mime-types-data (3.2020.1104)
    minitest (5.14.4)
    multi_json (1.15.0)
    multi_xml (0.6.0)
    mustermann (1.1.1)
      ruby2_keywords (~> 0.0.1)
    pg (1.2.3)
    rack (2.2.3)
    rack-protection (2.1.0)
      rack
    rake (13.0.3)
    rb-fsevent (0.10.4)
    rb-inotify (0.10.1)
      ffi (~> 1.0)
    ruby2_keywords (0.0.4)
    sass (3.7.4)
      sass-listen (~> 4.0.0)
    sass-listen (4.0.0)
      rb-fsevent (~> 0.9, >= 0.9.4)
      rb-inotify (~> 0.9, >= 0.9.7)
    sinatra (2.1.0)
      mustermann (~> 1.0)
      rack (~> 2.2)
      rack-protection (= 2.1.0)
      tilt (~> 2.0)
    sinatra-activerecord (2.0.22)
      activerecord (>= 4.1)
      sinatra (>= 1.0)
    sinatra-contrib (2.1.0)
      multi_json
      mustermann (~> 1.0)
      rack-protection (= 2.1.0)
      sinatra (= 2.1.0)
      tilt (~> 2.0)
    thin (1.8.0)
      daemons (~> 1.0, >= 1.0.9)
      eventmachine (~> 1.0, >= 1.0.4)
      rack (>= 1, < 3)
    tilt (2.0.10)
    tzinfo (2.0.4)
      concurrent-ruby (~> 1.0)
    zeitwerk (2.4.2)

PLATFORMS
  ruby

DEPENDENCIES
  httparty (= 0.18.1)
  pg (= 1.2.3)
  rake (= 13.0.3)
  sass (= 3.7.4)
  sinatra (= 2.1.0)
  sinatra-activerecord (= 2.0.22)
  sinatra-contrib (= 2.1.0)
  thin (= 1.8.0)

RUBY VERSION
   ruby 2.7.3p183

BUNDLED WITH
   2.1.4
